GIT
  remote: git://github.com/csdn-dev/second_level_cache.git
  revision: f6185488ebf1bf5d1e7e18e1448c61bb367f51d2
  specs:
    second_level_cache (1.6.2)
      activesupport (~> 3.2.0)

GEM
  remote: https://rubygems.org/
  specs:
    activemodel (3.2.13)
      activesupport (= 3.2.13)
      builder (~> 3.0.0)
    activerecord (3.2.13)
      activemodel (= 3.2.13)
      activesupport (= 3.2.13)
      arel (~> 3.0.2)
      tzinfo (~> 0.3.29)
    activesupport (3.2.13)
      i18n (= 0.6.1)
      multi_json (~> 1.0)
    arel (3.0.3)
    axiom-types (0.0.5)
      descendants_tracker (~> 0.0.1)
      ice_nine (~> 0.9)
    backports (3.3.5)
    builder (3.0.4)
    coderay (1.1.0)
    coercible (0.2.0)
      backports (~> 3.0, >= 3.1.0)
      descendants_tracker (~> 0.0.1)
    descendants_tracker (0.0.3)
    equalizer (0.0.8)
    grape (0.6.1)
      activesupport
      builder
      hashie (>= 1.2.0)
      multi_json (>= 1.3.2)
      multi_xml (>= 0.5.2)
      rack (>= 1.3.0)
      rack-accept
      rack-mount
      virtus (>= 1.0.0)
    grape-rabl (0.2.2)
      grape
      i18n
      rabl
      tilt
    hashie (2.0.5)
    hiredis (0.4.5)
    i18n (0.6.1)
    ice_nine (0.10.0)
    kgio (2.8.1)
    method_source (0.8.2)
    multi_json (1.8.2)
    multi_xml (0.5.5)
    mysql2 (0.3.14)
    oj (2.3.0)
    pry (0.9.12.4)
      coderay (~> 1.0)
      method_source (~> 0.8)
      slop (~> 3.4)
    rabl (0.9.2)
      activesupport (>= 2.3.14)
    rack (1.5.2)
    rack-accept (0.4.5)
      rack (>= 0.4)
    rack-mount (0.8.3)
      rack (>= 1.0.0)
    rainbows (4.5.0)
      kgio (~> 2.5)
      rack (~> 1.1)
      unicorn (~> 4.6, >= 4.6.2)
    raindrops (0.12.0)
    rake (10.1.0)
    redis (3.0.6)
    redis-activesupport (3.2.4)
      activesupport (~> 3.2.0)
      redis-store (~> 1.1.0)
    redis-store (1.1.4)
      redis (>= 2.2)
    slop (3.4.7)
    tilt (2.0.0)
    tzinfo (0.3.38)
    unicorn (4.7.0)
      kgio (~> 2.6)
      rack
      raindrops (~> 0.7)
    virtus (1.0.0)
      axiom-types (~> 0.0.5)
      coercible (~> 0.2)
      descendants_tracker (~> 0.0.1)
      equalizer (~> 0.0.7)

PLATFORMS
  ruby

DEPENDENCIES
  activerecord (= 3.2.13)
  grape
  grape-rabl
  hiredis
  mysql2
  oj
  pry
  rainbows
  rake
  redis
  redis-activesupport
  second_level_cache!
